GEM
  remote: https://rubygems.org/
  specs:
    activesupport (5.1.5)
      concurrent-ruby (~> 1.0, >= 1.0.2)
      i18n (~> 0.7)
      minitest (~> 5.1)
      tzinfo (~> 1.1)
    ast (2.4.0)
    byebug (10.0.0)
    colorize (0.8.1)
    concurrent-ruby (1.0.5)
    database_cleaner (1.6.2)
    diff-lcs (1.3)
    i18n (0.9.5)
      concurrent-ruby (~> 1.0)
    minitest (5.11.3)
    parallel (1.12.1)
    parser (2.5.0.3)
      ast (~> 2.4.0)
    powerpack (0.1.1)
    rainbow (3.0.0)
    rake (12.3.0)
    rspec (3.7.0)
      rspec-core (~> 3.7.0)
      rspec-expectations (~> 3.7.0)
      rspec-mocks (~> 3.7.0)
    rspec-core (3.7.1)
      rspec-support (~> 3.7.0)
    rspec-expectations (3.7.0)
      diff-lcs (>= 1.2.0, < 2.0)
      rspec-support (~> 3.7.0)
    rspec-mocks (3.7.0)
      diff-lcs (>= 1.2.0, < 2.0)
      rspec-support (~> 3.7.0)
    rspec-support (3.7.1)
    rubocop (0.53.0)
      parallel (~> 1.10)
      parser (>= 2.5)
      powerpack (~> 0.1)
      rainbow (>= 2.2.2, < 4.0)
      ruby-progressbar (~> 1.7)
      unicode-display_width (~> 1.0, >= 1.0.1)
    ruby-progressbar (1.9.0)
    shoulda-matchers (3.1.2)
      activesupport (>= 4.0.0)
    thread_safe (0.3.6)
    tzinfo (1.2.5)
      thread_safe (~> 0.1)
    unicode-display_width (1.3.0)

PLATFORMS
  ruby

DEPENDENCIES
  byebug
  colorize
  database_cleaner
  rake
  rspec
  rubocop
  shoulda-matchers

RUBY VERSION
   ruby 2.4.2p198

BUNDLED WITH
   1.16.1
